GEM
  remote: https://rubygems.org/
  specs:
    base64 (0.2.0)
    bible_parser (1.1.2)
      nokogiri (>= 1.6.0)
    bible_ref (1.9.0)
      parslet (~> 1.6)
    bigdecimal (3.1.4)
    connection_pool (2.4.1)
    dotenv (2.8.1)
    logger (1.6.1)
    mini_portile2 (2.8.6)
    multi_json (1.15.0)
    mustermann (3.0.3)
      ruby2_keywords (~> 0.0.1)
    mysql2 (0.5.5)
    nio4r (2.7.3)
    nokogiri (1.16.5)
      mini_portile2 (~> 2.8.2)
      racc (~> 1.4)
    parslet (1.8.2)
    puma (6.4.3)
      nio4r (~> 2.0)
    racc (1.7.3)
    rack (3.1.8)
    rack-attack (6.7.0)
      rack (>= 1.0, < 4)
    rack-protection (4.1.0)
      base64 (>= 0.1.0)
      logger (>= 1.6.0)
      rack (>= 3.0.0, < 4)
    rack-session (2.0.0)
      rack (>= 3.0.0)
    rake (13.1.0)
    redis (5.0.8)
      redis-client (>= 0.17.0)
    redis-client (0.18.0)
      connection_pool
    ruby2_keywords (0.0.5)
    sequel (5.74.0)
      bigdecimal
    sinatra (4.1.0)
      logger (>= 1.6.0)
      mustermann (~> 3.0)
      rack (>= 3.0.0, < 4)
      rack-protection (= 4.1.0)
      rack-session (>= 2.0.0, < 3)
      tilt (~> 2.0)
    sinatra-contrib (4.1.0)
      multi_json (>= 0.0.2)
      mustermann (~> 3.0)
      rack-protection (= 4.1.0)
      sinatra (= 4.1.0)
      tilt (~> 2.0)
    tilt (2.4.0)

PLATFORMS
  ruby

DEPENDENCIES
  bible_parser
  bible_ref
  dotenv
  mysql2
  puma
  rack-attack
  rake
  redis
  sequel
  sinatra
  sinatra-contrib

RUBY VERSION
   ruby 3.3.6p108

BUNDLED WITH
   2.6.2
